GEM
  remote: https://rubygems.org/
  specs:
    awesome_print (1.7.0)
    bson (4.1.1)
    coderay (1.1.1)
    ffi (1.9.14)
    haml (4.0.7)
      tilt
    libspotify (12.1.51.4)
    listen (3.1.5)
      rb-fsevent (~> 0.9, >= 0.9.4)
      rb-inotify (~> 0.9, >= 0.9.7)
      ruby_dep (~> 1.2)
    method_source (0.8.2)
    mongo (2.2.7)
      bson (~> 4.0)
    performer (1.0.1)
    pry (0.10.3)
      coderay (~> 1.1.0)
      method_source (~> 0.8.1)
      slop (~> 3.4)
    rack (1.6.4)
    rack-protection (1.5.3)
      rack
    rb-fsevent (0.9.7)
    rb-inotify (0.9.7)
      ffi (>= 0.5.0)
    rerun (0.11.0)
      listen (~> 3.0)
    ruby_dep (1.4.0)
    sinatra (1.4.7)
      rack (~> 1.5)
      rack-protection (~> 1.4)
      tilt (>= 1.3, < 3)
    slop (3.6.0)
    spotify (12.6.0)
      ffi (~> 1.0, >= 1.0.11)
      libspotify (~> 12.1.51)
      performer (~> 1.0)
    tilt (2.0.5)

PLATFORMS
  ruby

DEPENDENCIES
  awesome_print
  haml
  mongo (~> 2.2)
  pry
  rerun
  sinatra
  spotify (~> 12.6.0)

BUNDLED WITH
   1.12.4
